GEM
  remote: https://rubygems.org/
  specs:
    activemodel (7.0.3.1)
      activesupport (= 7.0.3.1)
    activerecord (7.0.3.1)
      activemodel (= 7.0.3.1)
      activesupport (= 7.0.3.1)
    activesupport (7.0.3.1)
      concurrent-ruby (~> 1.0, >= 1.0.2)
      i18n (>= 1.6, < 2)
      minitest (>= 5.1)
      tzinfo (~> 2.0)
    addressable (2.8.0)
      public_suffix (>= 2.0.2, < 5.0)
    ast (2.4.2)
    async (1.30.3)
      console (~> 1.10)
      nio4r (~> 2.3)
      timers (~> 4.1)
    async-container (0.8.1)
      async (~> 1.0)
      async-io (~> 1.4)
    async-http (0.37.10)
      async (~> 1.14)
      async-io (~> 1.18)
      http-protocol (~> 0.10)
    async-io (1.33.0)
      async
    backports (3.23.0)
    codeclimate-engine-rb (0.4.2)
    concurrent-ruby (1.1.10)
    console (1.15.3)
      fiber-local
    diff-lcs (1.5.0)
    event (1.0.3)
    fakeredis (0.7.0)
      redis (>= 3.2, < 5.0)
    falcon (0.19.6)
      async-container (~> 0.8.0)
      async-http (~> 0.37.2)
      async-io (~> 1.9)
      http-protocol (~> 0.10.0)
      localhost (~> 1.1)
      rack (>= 1.0)
      samovar (~> 1.3)
    faraday (2.3.0)
      faraday-net_http (~> 2.0)
      ruby2_keywords (>= 0.0.4)
    faraday-net_http (2.0.3)
    fiber-local (1.0.0)
    http-hpack (0.1.1)
    http-protocol (0.10.1)
      http-hpack (~> 0.1.0)
    i18n (1.12.0)
      concurrent-ruby (~> 1.0)
    jaro_winkler (1.5.4)
    json (2.6.2)
    koala (3.0.0)
      addressable
      faraday
      json (>= 1.8)
    kwalify (0.7.2)
    localhost (1.1.9)
    mapping (1.1.1)
    minitest (5.16.2)
    mono_logger (1.1.1)
    multi_json (1.15.0)
    mustermann (1.1.2)
      ruby2_keywords (~> 0.0.1)
    mysql2 (0.5.2)
    nio4r (2.5.8)
    parallel (1.22.1)
    parser (2.5.3.0)
      ast (~> 2.4.0)
    powerpack (0.1.3)
    public_suffix (4.0.7)
    rack (2.2.4)
    rack-protection (2.0.4)
      rack
    rainbow (3.1.1)
    rake (12.3.3)
    redis (3.3.5)
    redis-namespace (1.6.0)
      redis (>= 3.0.4)
    reek (5.2.0)
      codeclimate-engine-rb (~> 0.4.0)
      kwalify (~> 0.7.0)
      parser (>= 2.5.0.0, < 2.6, != 2.5.1.1)
      rainbow (>= 2.0, < 4.0)
    resque (1.27.4)
      mono_logger (~> 1.0)
      multi_json (~> 1.0)
      redis-namespace (~> 1.3)
      sinatra (>= 0.9.2)
      vegas (~> 0.1.2)
    resque-status (0.5.0)
      resque (~> 1.19)
    rspec (3.8.0)
      rspec-core (~> 3.8.0)
      rspec-expectations (~> 3.8.0)
      rspec-mocks (~> 3.8.0)
    rspec-core (3.8.2)
      rspec-support (~> 3.8.0)
    rspec-expectations (3.8.6)
      diff-lcs (>= 1.2.0, < 2.0)
      rspec-support (~> 3.8.0)
    rspec-mocks (3.8.2)
      diff-lcs (>= 1.2.0, < 2.0)
      rspec-support (~> 3.8.0)
    rspec-support (3.8.3)
    rubocop (0.60.0)
      jaro_winkler (~> 1.5.1)
      parallel (~> 1.10)
      parser (>= 2.5, != 2.5.1.1)
      powerpack (~> 0.1)
      rainbow (>= 2.2.2, < 4.0)
      ruby-progressbar (~> 1.7)
      unicode-display_width (~> 1.4.0)
    ruby-progressbar (1.11.0)
    ruby2_keywords (0.0.5)
    samovar (1.10.0)
      event
      mapping (~> 1.0)
    sinatra (2.0.4)
      mustermann (~> 1.0)
      rack (~> 2.0)
      rack-protection (= 2.0.4)
      tilt (~> 2.0)
    sinatra-activerecord (2.0.13)
      activerecord (>= 3.2)
      sinatra (>= 1.0)
    sinatra-contrib (2.0.4)
      activesupport (>= 4.0.0)
      backports (>= 2.8.2)
      multi_json
      mustermann (~> 1.0)
      rack-protection (= 2.0.4)
      sinatra (= 2.0.4)
      tilt (>= 1.3, < 3)
    tilt (2.0.10)
    timers (4.3.3)
    tzinfo (2.0.5)
      concurrent-ruby (~> 1.0)
    unicode-display_width (1.4.1)
    vegas (0.1.11)
      rack (>= 1.0.0)

PLATFORMS
  ruby

DEPENDENCIES
  fakeredis
  falcon
  koala
  mysql2
  rake
  redis (< 4.0.0)
  redis-namespace
  reek
  resque (= 1.27.4)
  resque-status (= 0.5.0)
  rspec
  rubocop
  sinatra
  sinatra-activerecord
  sinatra-contrib

BUNDLED WITH
   1.16.1
